GEM
  remote: https://rubygems.org/
  specs:
    rack (1.6.11)
    rack-rewrite (1.1.0)
    rake (0.9.2)
    shotgun (0.9)
      rack (>= 1.0)

PLATFORMS
  ruby

DEPENDENCIES
  rack (= 1.6.11)
  rack-rewrite (= 1.1.0)
  rake (= 0.9.2)
  shotgun

BUNDLED WITH
   1.16.4
